GEM
  remote: https://rubygems.org/
  specs:
    excon (0.45.3)
    newrelic_rpm (3.11.2.286)
    rack (1.6.1)

PLATFORMS
  ruby

DEPENDENCIES
  excon
  newrelic_rpm
  rack
